PATH
  remote: .
  specs:
    czech_old_catholic_calendar (0.1.0)
      calendarium-romanum (~> 0.9.0)

GEM
  remote: https://rubygems.org/
  specs:
    calendarium-romanum (0.9.0)
      i18n (>= 0.7)
      roman-numerals (~> 0.3)
      thor (>= 0.15)
    concurrent-ruby (1.1.10)
    diff-lcs (1.4.4)
    i18n (1.10.0)
      concurrent-ruby (~> 1.0)
    rake (12.3.3)
    roman-numerals (0.3.0)
    rspec (3.10.0)
      rspec-core (~> 3.10.0)
      rspec-expectations (~> 3.10.0)
      rspec-mocks (~> 3.10.0)
    rspec-core (3.10.1)
      rspec-support (~> 3.10.0)
    rspec-expectations (3.10.1)
      diff-lcs (>= 1.2.0, < 2.0)
      rspec-support (~> 3.10.0)
    rspec-mocks (3.10.1)
      diff-lcs (>= 1.2.0, < 2.0)
      rspec-support (~> 3.10.0)
    rspec-support (3.10.1)
    thor (1.2.1)

PLATFORMS
  ruby

DEPENDENCIES
  czech_old_catholic_calendar!
  rake (~> 12.0)
  rspec (~> 3.0)

BUNDLED WITH
   2.1.4
