GIT
  remote: https://github.com/igneus/calendarium-romanum.git
  revision: 5669ba66a183c299098f293317a1d9ca6307c14b
  ref: 5669ba6
  specs:
    calendarium-romanum (0.8.0)
      i18n (~> 0.6)
      roman-numerals (~> 0.3)
      thor (~> 0.18)

GEM
  remote: https://rubygems.org/
  specs:
    concurrent-ruby (1.1.7)
    diff-lcs (1.4.4)
    i18n (0.9.5)
      concurrent-ruby (~> 1.0)
    rake (12.3.3)
    roman-numerals (0.3.0)
    rspec (3.10.0)
      rspec-core (~> 3.10.0)
      rspec-expectations (~> 3.10.0)
      rspec-mocks (~> 3.10.0)
    rspec-core (3.10.1)
      rspec-support (~> 3.10.0)
    rspec-expectations (3.10.1)
      diff-lcs (>= 1.2.0, < 2.0)
      rspec-support (~> 3.10.0)
    rspec-mocks (3.10.1)
      diff-lcs (>= 1.2.0, < 2.0)
      rspec-support (~> 3.10.0)
    rspec-support (3.10.1)
    thor (0.20.3)

PLATFORMS
  ruby

DEPENDENCIES
  calendarium-romanum!
  rake (~> 12.0)
  rspec (~> 3.0)

BUNDLED WITH
   2.1.4
